GEM
  remote: https://rubygems.org/
  specs:
    ascii_charts (0.9.1)
    domain_name (0.5.20190701)
      unf (>= 0.0.5, < 1.0.0)
    http-accept (1.7.0)
    http-cookie (1.0.5)
      domain_name (~> 0.5)
    json (1.8.0)
    mime-types (3.4.1)
      mime-types-data (~> 3.2015)
    mime-types-data (3.2022.0105)
    netrc (0.11.0)
    rack (1.5.2)
    rack-protection (1.5.0)
      rack
    rangeclient (0.0.7)
      rest-client
    rest-client (2.1.0)
      http-accept (>= 1.7.0, < 2.0)
      http-cookie (>= 1.0.2, < 2.0)
      mime-types (>= 1.16, < 4.0)
      netrc (~> 0.8)
    sinatra (1.3.4)
      rack (~> 1.4)
      rack-protection (~> 1.3)
      tilt (~> 1.3, >= 1.3.3)
    term-ansicolor (1.2.2)
      tins (~> 0.8)
    tilt (1.3.7)
    tins (0.8.2)
    unf (0.1.4)
      unf_ext
    unf_ext (0.0.8.2)

PLATFORMS
  ruby

DEPENDENCIES
  ascii_charts
  json
  rangeclient (>= 0.0.7)
  sinatra
  term-ansicolor
