GEM
  remote: https://rubygems.org/
  specs:
    ascii_charts (0.9.1)
    json (1.8.0)
    mime-types (1.23)
    mustermann (1.1.1)
      ruby2_keywords (~> 0.0.1)
    rack (2.2.3)
    rack-protection (2.2.0)
      rack
    rangeclient (0.0.7)
      rest-client
    rest-client (1.6.7)
      mime-types (>= 1.16)
    ruby2_keywords (0.0.5)
    sinatra (2.2.0)
      mustermann (~> 1.0)
      rack (~> 2.2)
      rack-protection (= 2.2.0)
      tilt (~> 2.0)
    term-ansicolor (1.2.2)
      tins (~> 0.8)
    tilt (2.0.10)
    tins (0.8.2)

PLATFORMS
  ruby

DEPENDENCIES
  ascii_charts
  json
  rangeclient (>= 0.0.7)
  sinatra
  term-ansicolor
